GEM
  remote: https://rubygems.org/
  specs:
    actionmailer (3.2.3)
      actionpack (= 3.2.3)
      mail (~> 2.4.4)
    actionpack (3.2.3)
      activemodel (= 3.2.3)
      activesupport (= 3.2.3)
      builder (~> 3.0.0)
      erubis (~> 2.7.0)
      journey (~> 1.0.1)
      rack (~> 1.4.0)
      rack-cache (~> 1.2)
      rack-test (~> 0.6.1)
      sprockets (~> 2.1.2)
    activemodel (3.2.3)
      activesupport (= 3.2.3)
      builder (~> 3.0.0)
    activerecord (3.2.3)
      activemodel (= 3.2.3)
      activesupport (= 3.2.3)
      arel (~> 3.0.2)
      tzinfo (~> 0.3.29)
    activerecord-jdbc-adapter (1.3.9)
      activerecord (>= 2.2)
    activerecord-jdbcsqlite3-adapter (1.3.9)
      activerecord-jdbc-adapter (~> 1.3.9)
      jdbc-sqlite3 (~> 3.7.2)
    activeresource (3.2.3)
      activemodel (= 3.2.3)
      activesupport (= 3.2.3)
    activesupport (3.2.3)
      i18n (~> 0.6)
      multi_json (~> 1.0)
    arel (3.0.3)
    blankslate (2.1.2.4)
    builder (3.0.4)
    coffee-rails (3.2.2)
      coffee-script (>= 2.2.0)
      railties (~> 3.2.0)
    coffee-script (2.2.0)
      coffee-script-source
      execjs
    coffee-script-source (1.7.0)
    diff-lcs (1.1.3)
    edn (1.0.0)
      parslet (~> 1.4.0)
    erubis (2.7.0)
    execjs (2.2.1)
    get_back (0.1.0-java)
    hike (1.2.3)
    i18n (0.6.9)
    jdbc-postgres (9.3.1101)
    jdbc-sqlite3 (3.7.2.1)
    jmx4r (0.1.4)
    journey (1.0.4)
    jquery-rails (2.0.1)
      railties (>= 3.2.0, < 5.0)
      thor (~> 0.14)
    jruby-openssl (0.9.5-java)
    json (1.6.6-java)
    mail (2.4.4)
      i18n (>= 0.4.0)
      mime-types (~> 1.16)
      treetop (~> 1.4.8)
    mime-types (1.25.1)
    multi_json (1.10.1)
    net-scp (1.2.1)
      net-ssh (>= 2.6.5)
    net-ssh (2.9.1)
    parslet (1.4.0)
      blankslate (~> 2.0)
    polyglot (0.3.5)
    rack (1.4.5)
    rack-cache (1.2)
      rack (>= 0.4)
    rack-ssl (1.3.4)
      rack
    rack-test (0.6.2)
      rack (>= 1.0)
    rails (3.2.3)
      actionmailer (= 3.2.3)
      actionpack (= 3.2.3)
      activerecord (= 3.2.3)
      activeresource (= 3.2.3)
      activesupport (= 3.2.3)
      bundler (~> 1.0)
      railties (= 3.2.3)
    railties (3.2.3)
      actionpack (= 3.2.3)
      activesupport (= 3.2.3)
      rack-ssl (~> 1.3.2)
      rake (>= 0.8.7)
      rdoc (~> 3.4)
      thor (~> 0.14.6)
    rake (10.1.1)
    rdoc (3.12.2)
      json (~> 1.4)
    rspec (2.8.0)
      rspec-core (~> 2.8.0)
      rspec-expectations (~> 2.8.0)
      rspec-mocks (~> 2.8.0)
    rspec-core (2.8.0)
    rspec-expectations (2.8.0)
      diff-lcs (~> 1.1.2)
    rspec-mocks (2.8.0)
    rspec-rails (2.8.1)
      actionpack (>= 3.0)
      activesupport (>= 3.0)
      railties (>= 3.0)
      rspec (~> 2.8.0)
    sass (3.3.9)
    sass-rails (3.2.6)
      railties (~> 3.2.0)
      sass (>= 3.1.10)
      tilt (~> 1.3)
    sprockets (2.1.3)
      hike (~> 1.2)
      rack (~> 1.0)
      tilt (~> 1.1, != 1.3.0)
    therubyrhino (2.0.3)
      therubyrhino_jar (>= 1.7.3)
    therubyrhino_jar (1.7.4)
    thor (0.14.6)
    tilt (1.4.1)
    torquebox (3.1.1)
      thor (>= 0.14.6)
      torquebox-cache (= 3.1.1)
      torquebox-configure (= 3.1.1)
      torquebox-core (= 3.1.1)
      torquebox-messaging (= 3.1.1)
      torquebox-naming (= 3.1.1)
      torquebox-rake-support (= 3.1.1)
      torquebox-security (= 3.1.1)
      torquebox-stomp (= 3.1.1)
      torquebox-transactions (= 3.1.1)
      torquebox-web (= 3.1.1)
    torquebox-cache (3.1.1-java)
      torquebox-core (= 3.1.1)
      torquebox-transactions (= 3.1.1)
    torquebox-configure (3.1.1-java)
      blankslate (= 2.1.2.4)
    torquebox-core (3.1.1-java)
      edn (= 1.0.0)
    torquebox-messaging (3.1.1-java)
      torquebox-core (= 3.1.1)
      torquebox-transactions (= 3.1.1)
    torquebox-naming (3.1.1-java)
      torquebox-core (= 3.1.1)
    torquebox-rake-support (3.1.1)
      rake (= 10.1.1)
    torquebox-remote-deployer (0.1.1)
      jruby-openssl
      net-scp
      net-ssh
      rake
      torquebox-rake-support
    torquebox-security (3.1.1-java)
      torquebox-core (= 3.1.1)
    torquebox-stomp (3.1.1)
      torquebox-core (= 3.1.1)
      torquebox-messaging (= 3.1.1)
    torquebox-transactions (3.1.1)
      torquebox-core (= 3.1.1)
    torquebox-web (3.1.1-java)
    treetop (1.4.15)
      polyglot
      polyglot (>= 0.3.1)
    tzinfo (0.3.39)
    uglifier (2.2.1)
      execjs (>= 0.3.0)
      multi_json (~> 1.0, >= 1.0.2)

PLATFORMS
  java

DEPENDENCIES
  activerecord-jdbcsqlite3-adapter
  coffee-rails (~> 3.2.1)
  get_back
  jdbc-postgres
  jdbc-sqlite3
  jmx4r
  jquery-rails (= 2.0.1)
  json (= 1.6.6)
  rails (= 3.2.3)
  rspec (= 2.8.0)
  rspec-rails
  sass-rails (~> 3.2.3)
  therubyrhino
  torquebox (= 3.1.1)
  torquebox-rake-support
  torquebox-remote-deployer (= 0.1.1)
  uglifier (>= 1.0.3)
